GEM
  remote: https://rubygems.org/
  specs:
    addressable (2.4.0)
    backports (3.6.7)
    excon (0.45.4)
    faraday (0.9.2)
      multipart-post (>= 1.2, < 3)
    foreman (0.78.0)
      thor (~> 0.19.1)
    hashie (3.4.3)
    heroku (3.42.25)
      heroku-api (= 0.3.23)
      launchy (= 2.4.3)
      multi_json (= 1.11.2)
      net-ssh (= 2.9.2)
      net-ssh-gateway (= 1.2.0)
      netrc (= 0.10.3)
      rest-client (= 1.6.8)
      rubyzip (= 1.1.7)
    heroku-api (0.3.23)
      excon (~> 0.44)
      multi_json (~> 1.8)
    json (1.8.3)
    jwt (1.5.2)
    launchy (2.4.3)
      addressable (~> 2.3)
    mime-types (1.25.1)
    multi_json (1.11.2)
    multi_xml (0.5.5)
    multipart-post (2.0.0)
    net-ssh (2.9.2)
    net-ssh-gateway (1.2.0)
      net-ssh (>= 2.6.5)
    netrc (0.10.3)
    oauth (0.4.7)
    oauth2 (1.0.0)
      faraday (>= 0.8, < 0.10)
      jwt (~> 1.0)
      multi_json (~> 1.3)
      multi_xml (~> 0.5)
      rack (~> 1.2)
    omniauth (1.2.2)
      hashie (>= 1.2, < 4)
      rack (~> 1.0)
    omniauth-oauth (1.1.0)
      oauth
      omniauth (~> 1.0)
    omniauth-oauth2 (1.4.0)
      oauth2 (~> 1.0)
      omniauth (~> 1.2)
    omniauth-twitter (1.2.1)
      json (~> 1.3)
      omniauth-oauth (~> 1.1)
    rack (1.6.4)
    rack-protection (1.5.3)
      rack
    rack-test (0.6.3)
      rack (>= 1.0)
    rdoc (4.2.0)
    rest-client (1.6.8)
      mime-types (~> 1.16)
      rdoc (>= 2.4.2)
    rubyzip (1.1.7)
    sinatra (1.4.6)
      rack (~> 1.4)
      rack-protection (~> 1.4)
      tilt (>= 1.3, < 3)
    sinatra-contrib (1.4.6)
      backports (>= 2.0)
      multi_json
      rack-protection
      rack-test
      sinatra (~> 1.4.0)
      tilt (>= 1.3, < 3)
    thor (0.19.1)
    tilt (2.0.1)

PLATFORMS
  ruby

DEPENDENCIES
  foreman
  heroku
  json
  omniauth
  omniauth-oauth2
  omniauth-twitter
  sinatra
  sinatra-contrib

BUNDLED WITH
   1.10.6
